GIT
  remote: git://github.com/nadarei/mina.git
  revision: aaf50c597223f089103cb9b0d872bd4435edefed
  specs:
    mina (1.0.6)
      open4 (~> 1.3.4)
      rake

GEM
  remote: https://rubygems.org/
  specs:
    actionmailer (3.2.11)
      actionpack (= 3.2.11)
      mail (~> 2.4.4)
    actionpack (3.2.11)
      activemodel (= 3.2.11)
      activesupport (= 3.2.11)
      builder (~> 3.0.0)
      erubis (~> 2.7.0)
      journey (~> 1.0.4)
      rack (~> 1.4.0)
      rack-cache (~> 1.2)
      rack-test (~> 0.6.1)
      sprockets (~> 2.2.1)
    activemodel (3.2.11)
      activesupport (= 3.2.11)
      builder (~> 3.0.0)
    activerecord (3.2.11)
      activemodel (= 3.2.11)
      activesupport (= 3.2.11)
      arel (~> 3.0.2)
      tzinfo (~> 0.3.29)
    activeresource (3.2.11)
      activemodel (= 3.2.11)
      activesupport (= 3.2.11)
    activesupport (3.2.11)
      i18n (~> 0.6)
      multi_json (~> 1.0)
    addressable (2.5.1)
      public_suffix (~> 2.0, >= 2.0.2)
    arel (3.0.3)
    bcrypt (3.1.11)
    builder (3.0.4)
    carrierwave (0.11.2)
      activemodel (>= 3.2.0)
      activesupport (>= 3.2.0)
      json (>= 1.7)
      mime-types (>= 1.16)
      mimemagic (>= 0.3.0)
    carrierwave-mongoid (0.10.0)
      carrierwave (>= 0.8.0, < 0.12.0)
      mongoid (>= 3.0, < 7.0)
      mongoid-grid_fs (>= 1.3, < 3.0)
    coffee-rails (3.2.2)
      coffee-script (>= 2.2.0)
      railties (~> 3.2.0)
    coffee-script (2.4.1)
      coffee-script-source
      execjs
    coffee-script-source (1.12.2)
    commonjs (0.2.7)
    database_cleaner (1.5.3)
    devise (3.5.10)
      bcrypt (~> 3.0)
      orm_adapter (~> 0.1)
      railties (>= 3.2.6, < 5)
      responders
      thread_safe (~> 0.1)
      warden (~> 1.2.3)
    devise_invitable (1.6.1)
      actionmailer (>= 3.2.6)
      devise (>= 3.2.0)
    diff-lcs (1.3)
    erubis (2.7.0)
    execjs (2.7.0)
    factory_girl (4.8.0)
      activesupport (>= 3.0.0)
    factory_girl_rails (4.8.0)
      factory_girl (~> 4.8.0)
      railties (>= 3.0.0)
    faker (1.7.3)
      i18n (~> 0.5)
    faraday (0.12.0.1)
      multipart-post (>= 1.2, < 3)
    file_validators (2.1.0)
      activemodel (>= 3.0)
      mime-types (>= 1.0)
    haml (4.0.7)
      tilt
    haml-rails (0.4)
      actionpack (>= 3.1, < 4.1)
      activesupport (>= 3.1, < 4.1)
      haml (>= 3.1, < 4.1)
      railties (>= 3.1, < 4.1)
    hashie (3.5.5)
    hike (1.2.3)
    i18n (0.8.1)
    journey (1.0.4)
    jquery-datatables-rails (3.4.0)
      actionpack (>= 3.1)
      jquery-rails
      railties (>= 3.1)
      sass-rails
    jquery-rails (3.1.4)
      railties (>= 3.0, < 5.0)
      thor (>= 0.14, < 2.0)
    jquery-ui-rails (4.1.2)
      railties (>= 3.1.0)
    json (1.8.6)
    koala (3.0.0)
      addressable
      faraday
      json (>= 1.8)
    less (2.6.0)
      commonjs (~> 0.2.7)
    less-rails (2.6.0)
      actionpack (>= 3.1)
      less (~> 2.6.0)
    libv8 (3.16.14.19)
    mail (2.4.4)
      i18n (>= 0.4.0)
      mime-types (~> 1.16)
      treetop (~> 1.4.8)
    mime-types (1.25.1)
    mimemagic (0.3.2)
    mongoid (3.1.7)
      activemodel (~> 3.2)
      moped (~> 1.4)
      origin (~> 1.0)
      tzinfo (~> 0.3.29)
    mongoid-grid_fs (2.3.0)
      mime-types (>= 1.0, < 4.0)
      mongoid (>= 3.0, < 7.0)
    mongoid-rspec (1.13.0)
      mongoid (~> 3.1)
      rake
      rspec (~> 3.1)
    moped (1.5.3)
    multi_json (1.12.1)
    multipart-post (2.0.0)
    oauth (0.5.1)
    omniauth (1.4.2)
      hashie (>= 1.2, < 4)
      rack (>= 1.0, < 3)
    omniauth-oauth (1.1.0)
      oauth
      omniauth (~> 1.0)
    omniauth-twitter (1.4.0)
      omniauth-oauth (~> 1.1)
      rack
    open4 (1.3.4)
    origin (1.1.0)
    orm_adapter (0.5.0)
    polyglot (0.3.5)
    power_assert (1.0.1)
    public_suffix (2.0.5)
    rack (1.4.7)
    rack-cache (1.7.0)
      rack (>= 0.4)
    rack-ssl (1.3.4)
      rack
    rack-test (0.6.3)
      rack (>= 1.0)
    rails (3.2.11)
      actionmailer (= 3.2.11)
      actionpack (= 3.2.11)
      activerecord (= 3.2.11)
      activeresource (= 3.2.11)
      activesupport (= 3.2.11)
      bundler (~> 1.0)
      railties (= 3.2.11)
    rails_12factor (0.0.3)
      rails_serve_static_assets
      rails_stdout_logging
    rails_serve_static_assets (0.0.5)
    rails_stdout_logging (0.0.5)
    railties (3.2.11)
      actionpack (= 3.2.11)
      activesupport (= 3.2.11)
      rack-ssl (~> 1.3.2)
      rake (>= 0.8.7)
      rdoc (~> 3.4)
      thor (>= 0.14.6, < 2.0)
    rake (12.0.0)
    rdoc (3.12.2)
      json (~> 1.4)
    ref (2.0.0)
    responders (1.1.2)
      railties (>= 3.2, < 4.2)
    rmagick (2.16.0)
    rspec (3.5.0)
      rspec-core (~> 3.5.0)
      rspec-expectations (~> 3.5.0)
      rspec-mocks (~> 3.5.0)
    rspec-core (3.5.4)
      rspec-support (~> 3.5.0)
    rspec-expectations (3.5.0)
      diff-lcs (>= 1.2.0, < 2.0)
      rspec-support (~> 3.5.0)
    rspec-mocks (3.5.0)
      diff-lcs (>= 1.2.0, < 2.0)
      rspec-support (~> 3.5.0)
    rspec-rails (1.3.2)
      rack (>= 1.0.0)
      rspec (>= 1.3.0)
    rspec-support (3.5.0)
    sass (3.4.23)
    sass-rails (3.2.6)
      railties (~> 3.2.0)
      sass (>= 3.1.10)
      tilt (~> 1.3)
    shoulda (3.5.0)
      shoulda-context (~> 1.0, >= 1.0.1)
      shoulda-matchers (>= 1.4.1, < 3.0)
    shoulda-context (1.2.2)
    shoulda-matchers (2.8.0)
      activesupport (>= 3.0.0)
    simple_form (2.1.3)
      actionpack (~> 3.0)
      activemodel (~> 3.0)
    sprockets (2.2.3)
      hike (~> 1.2)
      multi_json (~> 1.0)
      rack (~> 1.0)
      tilt (~> 1.1, != 1.3.0)
    test-unit (3.2.3)
      power_assert
    therubyracer (0.12.3)
      libv8 (~> 3.16.14.15)
      ref
    thor (0.19.4)
    thread_safe (0.3.6)
    tilt (1.4.1)
    treetop (1.4.15)
      polyglot
      polyglot (>= 0.3.1)
    twitter-bootstrap-rails (3.2.2)
      actionpack (>= 3.1)
      execjs (>= 2.2.2, >= 2.2)
      less-rails (>= 2.5.0)
      railties (>= 3.1)
    tzinfo (0.3.53)
    uglifier (3.2.0)
      execjs (>= 0.3.0, < 3)
    warden (1.2.7)
      rack (>= 1.0)

PLATFORMS
  ruby

DEPENDENCIES
  carrierwave
  carrierwave-mongoid
  coffee-rails
  database_cleaner
  devise_invitable
  factory_girl_rails
  faker
  file_validators
  haml-rails
  jquery-datatables-rails
  jquery-rails
  jquery-ui-rails
  koala
  less-rails
  mina!
  mongoid
  mongoid-rspec
  omniauth
  omniauth-twitter
  rails (= 3.2.11)
  rails_12factor
  rmagick
  rspec-rails
  sass-rails
  shoulda
  simple_form
  test-unit
  therubyracer
  twitter-bootstrap-rails
  uglifier (>= 1.0.3)

RUBY VERSION
   ruby 2.2.5p319

BUNDLED WITH
   1.14.6
